PATH
  remote: .
  specs:
    minbox (0.1.6)
      concurrent-ruby (~> 1.1)
      hashie (~> 3.6)
      listen (~> 3.1)
      mail (~> 2.7)
      redis (~> 4.1)
      thor (~> 0.20)

GEM
  remote: https://rubygems.org/
  specs:
    ast (2.4.0)
    bundler-audit (0.6.1)
      bundler (>= 1.2.0, < 3)
      thor (~> 0.18)
    concurrent-ruby (1.1.5)
    diff-lcs (1.4.4)
    faker (1.9.3)
      i18n (>= 0.7)
    ffi (1.10.0)
    hashie (3.6.0)
    i18n (1.6.0)
      concurrent-ruby (~> 1.0)
    jaro_winkler (1.5.2)
    listen (3.1.5)
      rb-fsevent (~> 0.9, >= 0.9.4)
      rb-inotify (~> 0.9, >= 0.9.7)
      ruby_dep (~> 1.2)
    mail (2.7.1)
      mini_mime (>= 0.1.1)
    mini_mime (1.0.1)
    parallel (1.17.0)
    parser (2.6.2.1)
      ast (~> 2.4.0)
    psych (3.1.0)
    rainbow (3.0.0)
    rake (10.5.0)
    rb-fsevent (0.10.3)
    rb-inotify (0.10.0)
      ffi (~> 1.0)
    redis (4.1.0)
    rspec (3.10.0)
      rspec-core (~> 3.10.0)
      rspec-expectations (~> 3.10.0)
      rspec-mocks (~> 3.10.0)
    rspec-core (3.10.1)
      rspec-support (~> 3.10.0)
    rspec-expectations (3.10.1)
      diff-lcs (>= 1.2.0, < 2.0)
      rspec-support (~> 3.10.0)
    rspec-mocks (3.10.2)
      diff-lcs (>= 1.2.0, < 2.0)
      rspec-support (~> 3.10.0)
    rspec-support (3.10.2)
    rubocop (0.67.2)
      jaro_winkler (~> 1.5.1)
      parallel (~> 1.10)
      parser (>= 2.5, != 2.5.1.1)
      psych (>= 3.1.0)
      rainbow (>= 2.2.2, < 4.0)
      ruby-progressbar (~> 1.7)
      unicode-display_width (>= 1.4.0, < 1.6)
    rubocop-rspec (1.32.0)
      rubocop (>= 0.60.0)
    ruby-progressbar (1.10.0)
    ruby_dep (1.5.0)
    thor (0.20.3)
    unicode-display_width (1.5.0)

PLATFORMS
  ruby

DEPENDENCIES
  bundler (~> 2.0)
  bundler-audit (~> 0.6)
  faker (~> 1.9)
  minbox!
  rake (~> 10.0)
  rspec (~> 3.0)
  rubocop (~> 0.52)
  rubocop-rspec (~> 1.22)

BUNDLED WITH
   2.0.1
