PATH
  remote: .
  specs:
    minbox (0.1.3)
      mail (~> 2.7)
      redis (~> 4.1)
      thor (~> 0.20)

GEM
  remote: https://rubygems.org/
  specs:
    concurrent-ruby (1.1.4)
    diff-lcs (1.3)
    faker (1.9.3)
      i18n (>= 0.7)
    i18n (1.6.0)
      concurrent-ruby (~> 1.0)
    mail (2.7.1)
      mini_mime (>= 0.1.1)
    mini_mime (1.0.1)
    rake (10.5.0)
    redis (4.1.0)
    rspec (3.8.0)
      rspec-core (~> 3.8.0)
      rspec-expectations (~> 3.8.0)
      rspec-mocks (~> 3.8.0)
    rspec-core (3.8.0)
      rspec-support (~> 3.8.0)
    rspec-expectations (3.8.2)
      diff-lcs (>= 1.2.0, < 2.0)
      rspec-support (~> 3.8.0)
    rspec-mocks (3.8.0)
      diff-lcs (>= 1.2.0, < 2.0)
      rspec-support (~> 3.8.0)
    rspec-support (3.8.0)
    thor (0.20.3)

PLATFORMS
  ruby

DEPENDENCIES
  bundler (~> 2.0)
  faker (~> 1.9)
  minbox!
  rake (~> 10.0)
  rspec (~> 3.0)

BUNDLED WITH
   2.0.1
